GEM
  remote: https://rubygems.org/
  specs:
    activemodel (5.0.2)
      activesupport (= 5.0.2)
    activerecord (5.0.2)
      activemodel (= 5.0.2)
      activesupport (= 5.0.2)
      arel (~> 7.0)
    activesupport (5.0.2)
      concurrent-ruby (~> 1.0, >= 1.0.2)
      i18n (~> 0.7)
      minitest (~> 5.1)
      tzinfo (~> 1.1)
    arel (7.1.4)
    concurrent-ruby (1.0.5)
    dotenv (2.2.0)
    facebook-messenger (0.11.1)
      httparty (~> 0.13, >= 0.13.7)
      rack (>= 1.6.4)
    httparty (0.14.0)
      multi_xml (>= 0.5.2)
    i18n (0.8.1)
    minitest (5.10.1)
    multi_xml (0.6.0)
    pg (0.20.0)
    rack (1.6.5)
    rack-protection (1.5.3)
      rack
    sinatra (1.4.8)
      rack (~> 1.5)
      rack-protection (~> 1.4)
      tilt (>= 1.3, < 3)
    sinatra-activerecord (2.0.13)
      activerecord (>= 3.2)
      sinatra (>= 1.0)
    thread_safe (0.3.6)
    tilt (2.0.7)
    tzinfo (1.2.3)
      thread_safe (~> 0.1)

PLATFORMS
  ruby

DEPENDENCIES
  activerecord
  dotenv
  facebook-messenger
  pg
  sinatra
  sinatra-activerecord

BUNDLED WITH
   1.14.6
