GEM
  remote: https://rubygems.org/
  specs:
    dotenv (2.2.0)
    facebook-messenger (0.11.1)
      httparty (~> 0.13, >= 0.13.7)
      rack (>= 1.6.4)
    httparty (0.14.0)
      multi_xml (>= 0.5.2)
    multi_xml (0.6.0)
    pg (0.20.0)
    power_assert (0.4.1)
    rack (1.6.5)
    rack-protection (1.5.3)
      rack
    rake (12.0.0)
    sequel (4.45.0)
    sequel_pg (1.6.17)
      pg (>= 0.8.0)
      sequel (>= 4.0.0)
    sinatra (1.4.8)
      rack (~> 1.5)
      rack-protection (~> 1.4)
      tilt (>= 1.3, < 3)
    test-unit (3.2.3)
      power_assert
    tilt (2.0.7)

PLATFORMS
  ruby

DEPENDENCIES
  dotenv
  facebook-messenger
  pg
  rake
  sequel
  sequel_pg
  sinatra
  test-unit

BUNDLED WITH
   1.14.6
